GEM
  remote: https://rubygems.org/
  specs:
    addressable (2.5.2)
      public_suffix (>= 2.0.2, < 4.0)
    aws-partitions (1.77.0)
    aws-sdk-cloudformation (1.4.0)
      aws-sdk-core (~> 3)
      aws-sigv4 (~> 1.0)
    aws-sdk-core (3.19.0)
      aws-partitions (~> 1.0)
      aws-sigv4 (~> 1.0)
      jmespath (~> 1.0)
    aws-sdk-ec2 (1.29.0)
      aws-sdk-core (~> 3)
      aws-sigv4 (~> 1.0)
    aws-sdk-kms (1.5.0)
      aws-sdk-core (~> 3)
      aws-sigv4 (~> 1.0)
    aws-sdk-s3 (1.9.0)
      aws-sdk-core (~> 3)
      aws-sdk-kms (~> 1)
      aws-sigv4 (~> 1.0)
    aws-sigv4 (1.0.2)
    cfndsl (0.16.6)
    diff-lcs (1.3)
    faraday (0.15.2)
      multipart-post (>= 1.2, < 3)
    git (1.4.0)
    highline (1.7.10)
    jmespath (1.4.0)
    multipart-post (2.0.0)
    netaddr (1.5.1)
    octokit (4.9.0)
      sawyer (~> 0.8.0, >= 0.5.3)
    public_suffix (3.0.2)
    rspec (3.7.0)
      rspec-core (~> 3.7.0)
      rspec-expectations (~> 3.7.0)
      rspec-mocks (~> 3.7.0)
    rspec-core (3.7.1)
      rspec-support (~> 3.7.0)
    rspec-expectations (3.7.0)
      diff-lcs (>= 1.2.0, < 2.0)
      rspec-support (~> 3.7.0)
    rspec-mocks (3.7.0)
      diff-lcs (>= 1.2.0, < 2.0)
      rspec-support (~> 3.7.0)
    rspec-support (3.7.1)
    rubyzip (1.2.1)
    sawyer (0.8.1)
      addressable (>= 2.3.5, < 2.6)
      faraday (~> 0.8, < 1.0)
    thor (0.20.0)

PLATFORMS
  ruby

DEPENDENCIES
  aws-sdk-cloudformation (~> 1, < 2)
  aws-sdk-core (~> 3, < 4)
  aws-sdk-ec2 (~> 1, < 2)
  aws-sdk-s3 (~> 1, < 2)
  cfndsl (~> 0.16)
  git (~> 1.4, < 2)
  highline (>= 1.7.10, < 1.8)
  netaddr (~> 1.5, >= 1.5.1)
  octokit (~> 4.0)
  rspec
  rubyzip (>= 1.2.1)
  thor

BUNDLED WITH
   1.16.2
